GEM
  remote: https://rubygems.org/
  specs:
    diff-lcs (1.2.4)
    highline (1.6.19)
    net-ssh (2.6.8)
    rspec (2.14.1)
      rspec-core (~> 2.14.0)
      rspec-expectations (~> 2.14.0)
      rspec-mocks (~> 2.14.0)
    rspec-core (2.14.5)
    rspec-expectations (2.14.2)
      diff-lcs (>= 1.1.3, < 2.0)
    rspec-mocks (2.14.3)
    serverspec (0.7.10)
      highline
      net-ssh
      rspec (>= 2.13.0)

PLATFORMS
  ruby

DEPENDENCIES
  serverspec
